PATH
  remote: /src/ralyxa
  specs:
    ralyxa (1.6.2)
      alexa_verifier (~> 1.0)

GEM
  remote: https://rubygems.org/
  specs:
    activesupport (5.1.5)
      concurrent-ruby (~> 1.0, >= 1.0.2)
      i18n (~> 0.7)
      minitest (~> 5.1)
      tzinfo (~> 1.1)
    alexa_verifier (1.0.0)
    concurrent-ruby (1.0.5)
    i18n (0.9.5)
      concurrent-ruby (~> 1.0)
    iso8601 (0.10.1)
    minitest (5.11.3)
    mustermann (1.0.2)
    rack (2.0.4)
    rack-protection (2.0.1)
      rack
    ruby-duration (3.2.3)
      activesupport (>= 3.0.0)
      i18n
      iso8601
    sinatra (2.0.1)
      mustermann (~> 1.0)
      rack (~> 2.0)
      rack-protection (= 2.0.1)
      tilt (~> 2.0)
    thread_safe (0.3.6)
    tilt (2.0.8)
    tzinfo (1.2.5)
      thread_safe (~> 0.1)

PLATFORMS
  ruby

DEPENDENCIES
  activesupport
  ralyxa!
  ruby-duration
  sinatra

BUNDLED WITH
   1.16.1
